GEM
  remote: https://rubygems.org/
  specs:
    pg (0.18.3)
    sequel (3.20.0)
    thor (0.19.1)

PLATFORMS
  ruby

DEPENDENCIES
  pg
  sequel
  thor

BUNDLED WITH
   1.10.6
