GEM
  remote: https://rubygems.org/
  specs:
    colorize (0.7.7)
    pg (0.18.3)
    require_all (1.3.2)
    sequel (3.20.0)
    thor (0.19.1)

PLATFORMS
  ruby

DEPENDENCIES
  colorize
  pg
  require_all
  sequel
  thor

BUNDLED WITH
   1.10.6
