GEM
  remote: https://rubygems.org/
  specs:
    coderay (1.1.0)
    colorize (0.7.7)
    forgery (0.6.0)
    method_source (0.8.2)
    pg (0.18.3)
    pry (0.10.3)
      coderay (~> 1.1.0)
      method_source (~> 0.8.1)
      slop (~> 3.4)
    require_all (1.3.2)
    sequel (4.28.0)
    slop (3.6.0)
    thor (0.19.1)

PLATFORMS
  ruby

DEPENDENCIES
  colorize
  forgery
  pg
  pry
  require_all
  sequel
  thor

BUNDLED WITH
   1.10.6
