GEM
  remote: https://rubygems.org/
  specs:
    celluloid (0.17.2)
      celluloid-essentials
      celluloid-extras
      celluloid-fsm
      celluloid-pool
      celluloid-supervision
      timers (>= 4.1.1)
    celluloid-essentials (0.20.5)
      timers (>= 4.1.1)
    celluloid-extras (0.20.5)
      timers (>= 4.1.1)
    celluloid-fsm (0.20.5)
      timers (>= 4.1.1)
    celluloid-io (0.17.2)
      celluloid (>= 0.17.2)
      nio4r (>= 1.1)
      timers (>= 4.1.1)
    celluloid-io-pg-listener (0.2.3)
      celluloid-io (>= 0.17.2)
      pg (>= 0.18.3)
    celluloid-pool (0.20.5)
      timers (>= 4.1.1)
    celluloid-supervision (0.20.5)
      timers (>= 4.1.1)
    colorize (0.7.7)
    hitimes (1.2.2)
    nio4r (1.1.1)
    pg (0.18.3)
    require_all (1.3.2)
    sequel (3.20.0)
    thor (0.19.1)
    timers (4.1.1)
      hitimes

PLATFORMS
  ruby

DEPENDENCIES
  celluloid
  celluloid-io-pg-listener
  colorize
  pg
  require_all
  sequel
  thor

BUNDLED WITH
   1.10.6
